GEM
  remote: https://rubygems.org/
  specs:
    curb (0.8.5)
    json (1.5.4)
    nokogiri (1.5.6)

PLATFORMS
  ruby

DEPENDENCIES
  curb
  json
  nokogiri (= 1.5.6)
